GEM
  remote: https://rubygems.org/
  specs:
    minitest (5.2.3)
    puma (2.7.1)
      rack (>= 1.1, < 2.0)
    rack (1.5.2)
    rake (10.1.1)
    sinatra (1.0)
      rack (>= 1.0)

PLATFORMS
  ruby

DEPENDENCIES
  minitest (~> 5.2)
  puma (~> 2.7)
  rack (~> 1.4)
  rake (~> 10.1)
  sinatra (~> 1.0)
