GEM
  remote: https://rubygems.org/
  specs:
    addressable (2.3.5)
    approvals (0.0.12)
      nokogiri (~> 1.6)
      thor (~> 0.18)
    coveralls (0.7.0)
      multi_json (~> 1.3)
      rest-client
      simplecov (>= 0.7)
      term-ansicolor
      thor
    crack (0.4.2)
      safe_yaml (~> 1.0.0)
    docile (1.1.2)
    faraday (0.9.0)
      multipart-post (>= 1.2, < 3)
    mime-types (1.25.1)
    mini_portile (0.5.2)
    minitest (5.3.0)
    multi_json (1.8.4)
    multipart-post (2.0.0)
    nokogiri (1.6.1)
      mini_portile (~> 0.5.0)
    petroglyph (0.0.7)
      tilt
    puma (2.7.1)
      rack (>= 1.1, < 2.0)
    rack (1.5.2)
    rack-protection (1.5.2)
      rack
    rack-test (0.6.2)
      rack (>= 1.0)
    rake (10.1.1)
    redcarpet (2.3.0)
    rest-client (1.6.7)
      mime-types (>= 1.16)
    rouge (0.3.2)
      thor
    safe_yaml (1.0.1)
    simplecov (0.8.2)
      docile (~> 1.1.0)
      multi_json
      simplecov-html (~> 0.8.0)
    simplecov-html (0.8.0)
    sinatra (1.4.4)
      rack (~> 1.4)
      rack-protection (~> 1.4)
      tilt (~> 1.3, >= 1.3.4)
    term-ansicolor (1.2.2)
      tins (~> 0.8)
    thor (0.18.1)
    tilt (1.4.1)
    tins (0.13.1)
    vcr (2.8.0)
    webmock (1.15.2)
      addressable (>= 2.2.7)
      crack (>= 0.3.2)

PLATFORMS
  ruby

DEPENDENCIES
  approvals (= 0.0.12)
  coveralls (~> 0.7)
  faraday (~> 0.9)
  minitest (~> 5.2)
  petroglyph (= 0.0.7)
  puma (~> 2.7)
  rack (~> 1.4)
  rack-test (~> 0.6)
  rake (~> 10.1)
  redcarpet (~> 2.3)
  rouge (~> 0.3)
  sinatra (~> 1.4)
  tilt (~> 1.3)
  vcr (~> 2.8)
  webmock (~> 1.15.0)
