GIT
  remote: https://github.com/bbatsov/rubocop.git
  revision: 6f03e16b7307f057dc0d51870b7cd20eb71b816b
  specs:
    rubocop (0.27.0)
      astrolabe (~> 1.3)
      parser (>= 2.2.0.pre.6, < 3.0)
      powerpack (~> 0.0.6)
      rainbow (>= 1.99.1, < 3.0)
      ruby-progressbar (~> 1.4)

GEM
  remote: https://rubygems.org/
  specs:
    addressable (2.3.6)
    approvals (0.0.16)
      nokogiri (~> 1.6)
      thor (~> 0.18)
    ast (2.0.0)
    astrolabe (1.3.0)
      parser (>= 2.2.0.pre.3, < 3.0)
    bugsnag (2.6.1)
      httparty (>= 0.6, < 1.0)
      multi_json (~> 1.0)
    coveralls (0.7.0)
      multi_json (~> 1.3)
      rest-client
      simplecov (>= 0.7)
      term-ansicolor
      thor
    crack (0.4.2)
      safe_yaml (~> 1.0.0)
    docile (1.1.2)
    faraday (0.9.0)
      multipart-post (>= 1.2, < 3)
    httparty (0.13.3)
      json (~> 1.8)
      multi_xml (>= 0.5.2)
    json (1.8.1)
    mime-types (1.25.1)
    mini_portile (0.6.0)
    minitest (5.3.2)
    multi_json (1.10.1)
    multi_xml (0.5.5)
    multipart-post (2.0.0)
    nokogiri (1.6.2.1)
      mini_portile (= 0.6.0)
    parser (2.2.0.pre.7)
      ast (>= 1.1, < 3.0)
      slop (~> 3.4, >= 3.4.5)
    petroglyph (0.0.7)
      tilt
    powerpack (0.0.9)
    psych (2.0.5)
    puma (2.8.1)
      rack (>= 1.1, < 2.0)
    rack (1.6.0)
    rack-protection (1.5.3)
      rack
    rack-test (0.6.2)
      rack (>= 1.0)
    rainbow (2.0.0)
    rake (10.4.2)
    rest-client (1.6.7)
      mime-types (>= 1.16)
    ruby-progressbar (1.6.1)
    safe_yaml (1.0.2)
    simplecov (0.8.2)
      docile (~> 1.1.0)
      multi_json
      simplecov-html (~> 0.8.0)
    simplecov-html (0.8.0)
    sinatra (1.4.5)
      rack (~> 1.4)
      rack-protection (~> 1.4)
      tilt (~> 1.3, >= 1.3.4)
    slop (3.6.0)
    term-ansicolor (1.2.2)
      tins (~> 0.8)
    thor (0.19.1)
    tilt (1.4.1)
    tins (0.13.1)
    vcr (2.9.0)
    webmock (1.17.4)
      addressable (>= 2.2.7)
      crack (>= 0.3.2)

PLATFORMS
  ruby

DEPENDENCIES
  approvals (~> 0.0.16)
  bugsnag
  coveralls (~> 0.7)
  faraday (~> 0.9)
  minitest (~> 5.3)
  petroglyph (= 0.0.7)
  psych
  puma (~> 2.7)
  rack (~> 1.4)
  rack-test (~> 0.6)
  rake (~> 10.4)
  rubocop!
  simplecov (~> 0.8)
  sinatra (~> 1.4)
  tilt (~> 1.3)
  vcr (~> 2.8)
  webmock (~> 1.17.0)
