GEM
  remote: https://rubygems.org/
  specs:
    puma (2.7.1)
      rack (>= 1.1, < 2.0)
    rack (1.5.2)
    sinatra (1.0)
      rack (>= 1.0)

PLATFORMS
  ruby

DEPENDENCIES
  puma (~> 2.7)
  rack (~> 1.4)
  sinatra (~> 1.0)
